GEM
  remote: https://rubygems.org/
  specs:
    rack (2.0.9.1)

PLATFORMS
  x86_64-darwin-21

DEPENDENCIES
  rack (~> 2.0.1)

BUNDLED WITH
   2.3.16
